{
    "Modality": "MR",
    "MagneticFieldStrength": 3,
    "ImagingFrequency": 123.221,
    "Manufacturer": "Siemens",
    "ManufacturersModelName": "MAGNETOM_Prisma",
    "InstitutionName": "TTK_AKK",
    "InstitutionAddress": "Magyar_Tudosok_Korutja_2_Budapest_HU_1117",
    "DeviceSerialNumber": "66040",
    "StationName": "AWP66040",
    "BodyPartExamined": "HEAD",
    "PatientPosition": "HFS",
    "ProcedureStepDescription": "head_Highres_Hippocampus",
    "SoftwareVersions": "syngo_MR_XA30",
    "MRAcquisitionType": "2D",
    "SeriesDescription": "field_map_dti_CC",
    "ProtocolName": "field_map_dti_CC",
    "SequenceVariant": "SP",
    "ImageType": [
        "ORIGINAL",
        "PRIMARY",
        "M",
        "NONE"
    ],
    "SeriesNumber": 36,
    "AcquisitionTime": "19:41:48.950000",
    "AcquisitionNumber": 1,
    "SliceThickness": 3,
    "SpacingBetweenSlices": 3.75,
    "EchoNumber": 1,
    "EchoTime": 0.00738,
    "RepetitionTime": 0.4,
    "FlipAngle": 60,
    "ReceiveCoilActiveElements": "HEA;HEP",
    "CoilString": "Head_32",
    "PercentPhaseFOV": 100,
    "AcquisitionMatrixPE": 70,
    "ReconMatrixPE": 70,
    "PixelBandwidth": 290,
    "PhaseEncodingDirection": "j-",
    "SliceTiming": [
        0.6,
        0.4,
        0.6125,
        0.4125,
        0.6225,
        0.4225,
        0.635,
        0.435,
        0.645,
        0.445,
        0.6575,
        0.4575,
        0.6675,
        0.4675,
        0.68,
        0.48,
        0.69,
        0.49,
        0.7,
        0.5,
        0.7125,
        0.5125,
        0.7225,
        0.5225,
        0.735,
        0.535,
        0.745,
        0.545,
        0.7575,
        0.5575,
        0.7675,
        0.5675,
        0.78,
        0.58,
        0.79,
        0.59
    ],
    "ImageOrientationPatientDICOM": [
        0.998685,
        -0.0364069,
        0.0361027,
        0.0385401,
        0.997438,
        -0.0602679
    ],
    "InPlanePhaseEncodingDirectionDICOM": "COL",
    "ConversionSoftware": "dcm2niix",
    "ConversionSoftwareVersion": "v1.0.20190902",
    "Dcm2bidsVersion": "2.1.4",
    "IntendedFor": "dwi/sub-449900_dwi.nii.gz"
}