{
    "Modality": "MR",
    "MagneticFieldStrength": 3,
    "ImagingFrequency": 123.221,
    "Manufacturer": "Siemens",
    "ManufacturersModelName": "MAGNETOM_Prisma",
    "InstitutionName": "TTK_AKK",
    "InstitutionAddress": "Magyar_Tudosok_Korutja_2_Budapest_HU_1117",
    "DeviceSerialNumber": "66040",
    "StationName": "AWP66040",
    "BodyPartExamined": "HEAD",
    "PatientPosition": "HFS",
    "ProcedureStepDescription": "head_Highres_Hippocampus",
    "SoftwareVersions": "syngo_MR_XA30",
    "MRAcquisitionType": "2D",
    "SeriesDescription": "RESTING",
    "ProtocolName": "RESTING",
    "SequenceVariant": "SK",
    "ImageType": [
        "ORIGINAL",
        "PRIMARY",
        "FMRI",
        "NONE"
    ],
    "SeriesNumber": 9,
    "AcquisitionTime": "18:32:10.197500",
    "AcquisitionNumber": 1,
    "SliceThickness": 1.5,
    "SpacingBetweenSlices": 1.875,
    "EchoTime": 0.03,
    "RepetitionTime": 1.84,
    "FlipAngle": 72,
    "ReceiveCoilActiveElements": "HEA;HEP",
    "CoilString": "Head_32",
    "PartialFourier": 0.75,
    "MultibandAccelerationFactor": 4,
    "PercentPhaseFOV": 100,
    "EchoTrainLength": 102,
    "AcquisitionMatrixPE": 136,
    "ReconMatrixPE": 136,
    "BandwidthPerPixelPhaseEncode": 11.312,
    "EffectiveEchoSpacing": 0.000650012,
    "DerivedVendorReportedEchoSpacing": 0.000650012,
    "TotalReadoutTime": 0.0877517,
    "PixelBandwidth": 1838,
    "PhaseEncodingDirection": "j-",
    "SliceTiming": [
        0.91125,
        0.0,
        0.934375,
        0.0225,
        0.956875,
        0.045625,
        0.98,
        0.068125,
        1.0025,
        0.09125,
        1.025,
        0.11375,
        1.048125,
        0.136875,
        1.070625,
        0.159375,
        1.09375,
        0.1825,
        1.11625,
        0.205,
        1.139375,
        0.228125,
        1.161875,
        0.250625,
        1.185,
        0.273125,
        1.2075,
        0.29625,
        1.230625,
        0.31875,
        1.253125,
        0.341875,
        1.275625,
        0.364375,
        1.29875,
        0.3875,
        1.32125,
        0.41,
        1.344375,
        0.433125,
        1.366875,
        0.455625,
        1.39,
        0.47875,
        1.4125,
        0.50125,
        1.435625,
        0.52375,
        1.458125,
        0.546875,
        1.48125,
        0.569375,
        1.50375,
        0.5925,
        1.526875,
        0.615,
        1.549375,
        0.638125,
        1.571875,
        0.660625,
        1.595,
        0.68375,
        1.6175,
        0.70625,
        1.640625,
        0.729375,
        1.663125,
        0.751875,
        1.68625,
        0.774375,
        1.70875,
        0.7975,
        1.731875,
        0.82,
        1.754375,
        0.843125,
        1.7775,
        0.865625,
        1.8,
        0.88875
    ],
    "ImageOrientationPatientDICOM": [
        0.999802,
        -0.00694824,
        0.0186443,
        1.34333e-08,
        0.937044,
        0.349211
    ],
    "InPlanePhaseEncodingDirectionDICOM": "COL",
    "ConversionSoftware": "dcm2niix",
    "ConversionSoftwareVersion": "v1.0.20190902",
    "Dcm2bidsVersion": "2.1.4",
    "TaskName": "Resting State"
}