{
    "Modality": "MR",
    "MagneticFieldStrength": 3,
    "ImagingFrequency": 123.221,
    "Manufacturer": "Siemens",
    "ManufacturersModelName": "MAGNETOM_Prisma",
    "InstitutionName": "TTK_AKK",
    "InstitutionAddress": "Magyar_Tudosok_Korutja_2_Budapest_HU_1117",
    "DeviceSerialNumber": "66040",
    "StationName": "AWP66040",
    "BodyPartExamined": "HEAD",
    "PatientPosition": "HFS",
    "ProcedureStepDescription": "head_Highres_Hippocampus",
    "SoftwareVersions": "syngo_MR_XA30",
    "MRAcquisitionType": "2D",
    "SeriesDescription": "field_map_dti_CC",
    "ProtocolName": "field_map_dti_CC",
    "SequenceVariant": "SP",
    "ImageType": [
        "ORIGINAL",
        "PRIMARY",
        "P",
        "NONE"
    ],
    "SeriesNumber": 39,
    "AcquisitionTime": "19:48:10.347500",
    "AcquisitionNumber": 1,
    "SliceThickness": 3,
    "SpacingBetweenSlices": 3.75,
    "RepetitionTime": 0.4,
    "FlipAngle": 60,
    "ReceiveCoilActiveElements": "HEA;HEP",
    "CoilString": "Head_32",
    "PercentPhaseFOV": 100,
    "AcquisitionMatrixPE": 70,
    "ReconMatrixPE": 70,
    "PixelBandwidth": 290,
    "PhaseEncodingDirection": "j-",
    "SliceTiming": [
        0.6025,
        0.4025,
        0.6125,
        0.4125,
        0.625,
        0.425,
        0.635,
        0.435,
        0.6475,
        0.4475,
        0.6575,
        0.4575,
        0.67,
        0.47,
        0.68,
        0.48,
        0.6925,
        0.4925,
        0.7025,
        0.5025,
        0.7125,
        0.5125,
        0.725,
        0.525,
        0.735,
        0.535,
        0.7475,
        0.5475,
        0.7575,
        0.5575,
        0.77,
        0.57,
        0.78,
        0.58,
        0.7925,
        0.5925
    ],
    "ImageOrientationPatientDICOM": [
        0.998548,
        -0.044579,
        0.0302508,
        0.0460424,
        0.99771,
        -0.0495411
    ],
    "InPlanePhaseEncodingDirectionDICOM": "COL",
    "ConversionSoftware": "dcm2niix",
    "ConversionSoftwareVersion": "v1.0.20190902",
    "Dcm2bidsVersion": "2.1.4",
    "IntendedFor": "dwi/sub-991905_dwi.nii.gz",
    "EchoTime1": 0.00492,
    "EchoTime2": 0.00738
}