{
	"Modality": "MR",
	"MagneticFieldStrength": 3,
	"ImagingFrequency": 123.21,
	"Manufacturer": "Siemens",
	"ManufacturersModelName": "MAGNETOM_Prisma",
	"InstitutionName": "TTK_AKK",
	"InstitutionAddress": "Magyar_Tudosok_Korutja_2_Budapest_HU_1117",
	"DeviceSerialNumber": "66040",
	"StationName": "AWP66040",
	"BodyPartExamined": "HEAD",
	"PatientPosition": "HFS",
	"ProcedureStepDescription": "head_Highres_Hippocampus",
	"SoftwareVersions": "syngo_MR_XA30",
	"MRAcquisitionType": "2D",
	"SeriesDescription": "gre_field_mapping_dti",
	"ProtocolName": "gre_field_mapping_dti",
	"SequenceVariant": "SP",
	"ImageType": ["ORIGINAL", "PRIMARY", "M", "NONE"],
	"SeriesNumber": 26,
	"AcquisitionTime": "16:35:33.885000",
	"AcquisitionNumber": 1,
	"SliceThickness": 3,
	"SpacingBetweenSlices": 3.75,
	"EchoNumber": 1,
	"EchoTime": 0.00738,
	"RepetitionTime": 0.4,
	"FlipAngle": 60,
	"ReceiveCoilActiveElements": "HEA;HEP",
	"CoilString": "Head_32",
	"PercentPhaseFOV": 100,
	"AcquisitionMatrixPE": 70,
	"ReconMatrixPE": 70,
	"PixelBandwidth": 290,
	"PhaseEncodingDirection": "j-",
	"SliceTiming": [
		0.6025,
		0.4025,
		0.615,
		0.415,
		0.625,
		0.425,
		0.6375,
		0.4375,
		0.6475,
		0.4475,
		0.6575,
		0.4575,
		0.67,
		0.47,
		0.68,
		0.48,
		0.6925,
		0.4925,
		0.7025,
		0.5025,
		0.715,
		0.515,
		0.725,
		0.525,
		0.7375,
		0.5375,
		0.7475,
		0.5475,
		0.7575,
		0.5575,
		0.77,
		0.57,
		0.78,
		0.58,
		0.7925,
		0.5925	],
	"ImageOrientationPatientDICOM": [
		0.997463,
		-0.0206889,
		0.0681117,
		0.0254226,
		0.997266,
		-0.0693834	],
	"InPlanePhaseEncodingDirectionDICOM": "COL",
	"ConversionSoftware": "dcm2niix",
	"ConversionSoftwareVersion": "v1.0.20190902"
}
