{
    "Modality": "MR",
    "MagneticFieldStrength": 3,
    "ImagingFrequency": 123.221,
    "Manufacturer": "Siemens",
    "ManufacturersModelName": "MAGNETOM_Prisma",
    "InstitutionName": "TTK_AKK",
    "InstitutionAddress": "Magyar_Tudosok_Korutja_2_Budapest_HU_1117",
    "DeviceSerialNumber": "66040",
    "StationName": "AWP66040",
    "BodyPartExamined": "HEAD",
    "PatientPosition": "HFS",
    "ProcedureStepDescription": "head_Highres_Hippocampus",
    "SoftwareVersions": "syngo_MR_XA30",
    "MRAcquisitionType": "2D",
    "SeriesDescription": "PD_tse_hippocampus",
    "ProtocolName": "PD_tse_hippocampus",
    "SequenceVariant": "SK_SP_OSP",
    "ImageType": [
        "ORIGINAL",
        "PRIMARY",
        "M",
        "NONE"
    ],
    "SeriesNumber": 5,
    "AcquisitionTime": "14:16:27.327500",
    "AcquisitionNumber": 1,
    "SliceThickness": 2,
    "SpacingBetweenSlices": 2,
    "EchoTime": 0.016,
    "RepetitionTime": 6.49,
    "FlipAngle": 120,
    "ReceiveCoilActiveElements": "HEA;HEP",
    "CoilString": "Head_32",
    "PartialFourier": 0.0263158,
    "PercentPhaseFOV": 79.6875,
    "EchoTrainLength": 11,
    "AcquisitionMatrixPE": 418,
    "ReconMatrixPE": 408,
    "PixelBandwidth": 96,
    "PhaseEncodingDirection": "i",
    "SliceTiming": [
        0,
        3.345,
        0.1975,
        3.54,
        0.395,
        3.7375,
        0.59,
        3.935,
        0.7875,
        4.13,
        0.985,
        4.3275,
        1.18,
        4.525,
        1.3775,
        4.72,
        1.575,
        4.9175,
        1.77,
        5.115,
        1.9675,
        5.31,
        2.165,
        5.5075,
        2.36,
        5.705,
        2.5575,
        5.9,
        2.755,
        6.0975,
        2.95,
        6.295,
        3.1475
    ],
    "ImageOrientationPatientDICOM": [
        0.9995,
        -0.0314455,
        0.00328825,
        0.0168385,
        0.441398,
        -0.897153
    ],
    "InPlanePhaseEncodingDirectionDICOM": "ROW",
    "ConversionSoftware": "dcm2niix",
    "ConversionSoftwareVersion": "v1.0.20190902",
    "Dcm2bidsVersion": "2.1.4"
}