{
	"Modality": "MR",
	"MagneticFieldStrength": 3,
	"ImagingFrequency": 123.21,
	"Manufacturer": "Siemens",
	"ManufacturersModelName": "MAGNETOM_Prisma",
	"InstitutionName": "TTK_AKK",
	"InstitutionAddress": "Magyar_Tudosok_Korutja_2_Budapest_HU_1117",
	"DeviceSerialNumber": "66040",
	"StationName": "AWP66040",
	"BodyPartExamined": "HEAD",
	"PatientPosition": "HFS",
	"ProcedureStepDescription": "head_Highres_Hippocampus",
	"SoftwareVersions": "syngo_MR_XA30",
	"MRAcquisitionType": "2D",
	"SeriesDescription": "field_map",
	"ProtocolName": "field_map",
	"SequenceVariant": "SP",
	"ImageType": ["ORIGINAL", "PRIMARY", "M", "NONE"],
	"SeriesNumber": 7,
	"AcquisitionTime": "15:03:29.370000",
	"AcquisitionNumber": 1,
	"SliceThickness": 3,
	"SpacingBetweenSlices": 3.75,
	"EchoNumber": 1,
	"EchoTime": 0.00492,
	"RepetitionTime": 0.435,
	"FlipAngle": 60,
	"ReceiveCoilActiveElements": "HEA;HEP",
	"CoilString": "Head_32",
	"PercentPhaseFOV": 100,
	"AcquisitionMatrixPE": 70,
	"ReconMatrixPE": 70,
	"PixelBandwidth": 290,
	"PhaseEncodingDirection": "j-",
	"SliceTiming": [
		0,
		0.2225,
		0.0125,
		0.235,
		0.0225,
		0.245,
		0.0325,
		0.255,
		0.0425,
		0.265,
		0.055,
		0.2775,
		0.065,
		0.2875,
		0.075,
		0.2975,
		0.085,
		0.3075,
		0.095,
		0.32,
		0.1075,
		0.33,
		0.1175,
		0.34,
		0.1275,
		0.35,
		0.1375,
		0.36,
		0.15,
		0.3725,
		0.16,
		0.3825,
		0.17,
		0.3925,
		0.18,
		0.4025,
		0.1925,
		0.415,
		0.2025,
		0.425,
		0.2125	],
	"ImageOrientationPatientDICOM": [
		0.99979,
		-0.016557,
		-0.0121014,
		0.0197207,
		0.938121,
		0.345747	],
	"InPlanePhaseEncodingDirectionDICOM": "COL",
	"ConversionSoftware": "dcm2niix",
	"ConversionSoftwareVersion": "v1.0.20190902"
}
