{
	"Modality": "MR",
	"MagneticFieldStrength": 3,
	"ImagingFrequency": 123.228,
	"Manufacturer": "Siemens",
	"ManufacturersModelName": "MAGNETOM_Prisma",
	"InstitutionName": "MTA_TTK",
	"InstitutionAddress": "Magyar_Tudosok_Korutja_2_Budapest_HU_1117",
	"DeviceSerialNumber": "66040",
	"StationName": "AWP66040",
	"BodyPartExamined": "HEAD",
	"PatientPosition": "HFS",
	"ProcedureStepDescription": "head_Highres_Hippocampus",
	"SoftwareVersions": "syngo_MR_XA30",
	"MRAcquisitionType": "2D",
	"SeriesDescription": "field_map",
	"ProtocolName": "field_map",
	"SequenceVariant": "SP",
	"ImageType": ["ORIGINAL", "PRIMARY", "M", "NONE"],
	"SeriesNumber": 7,
	"AcquisitionTime": "15:25:33.605000",
	"AcquisitionNumber": 1,
	"SliceThickness": 3,
	"SpacingBetweenSlices": 3.75,
	"EchoNumber": 1,
	"EchoTime": 0.00492,
	"RepetitionTime": 0.435,
	"FlipAngle": 60,
	"ReceiveCoilActiveElements": "HEA;HEP",
	"CoilString": "Head_32",
	"PercentPhaseFOV": 100,
	"AcquisitionMatrixPE": 70,
	"ReconMatrixPE": 70,
	"PixelBandwidth": 290,
	"PhaseEncodingDirection": "j-",
	"SliceTiming": [
		0,
		0.2225,
		0.01,
		0.2325,
		0.02,
		0.2425,
		0.03,
		0.255,
		0.0425,
		0.265,
		0.0525,
		0.275,
		0.0625,
		0.285,
		0.0725,
		0.295,
		0.085,
		0.3075,
		0.095,
		0.3175,
		0.105,
		0.3275,
		0.115,
		0.3375,
		0.1275,
		0.35,
		0.1375,
		0.36,
		0.1475,
		0.37,
		0.1575,
		0.38,
		0.17,
		0.3925,
		0.18,
		0.4025,
		0.19,
		0.4125,
		0.2,
		0.4225,
		0.2125	],
	"ImageOrientationPatientDICOM": [
		0.997339,
		0.0210576,
		0.0697943,
		-0.0522683,
		0.873935,
		0.483224	],
	"InPlanePhaseEncodingDirectionDICOM": "COL",
	"ConversionSoftware": "dcm2niix",
	"ConversionSoftwareVersion": "v1.0.20190902"
}
