{
	"Modality": "MR",
	"MagneticFieldStrength": 3,
	"ImagingFrequency": 123.228,
	"Manufacturer": "Siemens",
	"ManufacturersModelName": "MAGNETOM_Prisma",
	"InstitutionName": "MTA_TTK",
	"InstitutionAddress": "Magyar_Tudosok_Korutja_2_Budapest_HU_1117",
	"DeviceSerialNumber": "66040",
	"StationName": "AWP66040",
	"BodyPartExamined": "HEAD",
	"PatientPosition": "HFS",
	"ProcedureStepDescription": "head_Highres_Hippocampus",
	"SoftwareVersions": "syngo_MR_XA30",
	"MRAcquisitionType": "2D",
	"SeriesDescription": "field_map",
	"ProtocolName": "field_map",
	"SequenceVariant": "SP",
	"ImageType": ["ORIGINAL", "PRIMARY", "M", "NONE"],
	"SeriesNumber": 23,
	"AcquisitionTime": "16:24:44.342500",
	"AcquisitionNumber": 1,
	"SliceThickness": 3,
	"SpacingBetweenSlices": 3.75,
	"EchoNumber": 1,
	"EchoTime": 0.00738,
	"RepetitionTime": 0.435,
	"FlipAngle": 60,
	"ReceiveCoilActiveElements": "HEA;HEP",
	"CoilString": "Head_32",
	"PercentPhaseFOV": 100,
	"AcquisitionMatrixPE": 70,
	"ReconMatrixPE": 70,
	"PixelBandwidth": 290,
	"PhaseEncodingDirection": "j-",
	"SliceTiming": [
		0.4375,
		0.66,
		0.4475,
		0.67,
		0.4575,
		0.68,
		0.4675,
		0.69,
		0.48,
		0.7025,
		0.49,
		0.7125,
		0.5,
		0.7225,
		0.51,
		0.7325,
		0.5225,
		0.745,
		0.5325,
		0.755,
		0.5425,
		0.765,
		0.5525,
		0.775,
		0.5625,
		0.7875,
		0.575,
		0.7975,
		0.585,
		0.8075,
		0.595,
		0.8175,
		0.605,
		0.8275,
		0.6175,
		0.84,
		0.6275,
		0.85,
		0.6375,
		0.86,
		0.6475	],
	"ImageOrientationPatientDICOM": [
		0.999633,
		-0.0269633,
		0.00255105,
		0.0219867,
		0.862899,
		0.504898	],
	"InPlanePhaseEncodingDirectionDICOM": "COL",
	"ConversionSoftware": "dcm2niix",
	"ConversionSoftwareVersion": "v1.0.20190902"
}
