{
    "Modality": "MR",
    "MagneticFieldStrength": 3,
    "ImagingFrequency": 123.21,
    "Manufacturer": "Siemens",
    "ManufacturersModelName": "MAGNETOM_Prisma",
    "InstitutionName": "TTK_AKK",
    "InstitutionAddress": "Magyar_Tudosok_Korutja_2_Budapest_HU_1117",
    "DeviceSerialNumber": "66040",
    "StationName": "AWP66040",
    "BodyPartExamined": "HEAD",
    "PatientPosition": "HFS",
    "ProcedureStepDescription": "head_Highres_Hippocampus",
    "SoftwareVersions": "syngo_MR_XA30",
    "MRAcquisitionType": "2D",
    "SeriesDescription": "field_map",
    "ProtocolName": "field_map",
    "SequenceVariant": "SP",
    "ImageType": [
        "ORIGINAL",
        "PRIMARY",
        "P",
        "NONE"
    ],
    "SeriesNumber": 26,
    "AcquisitionTime": "17:58:1.317500",
    "AcquisitionNumber": 1,
    "SliceThickness": 3,
    "SpacingBetweenSlices": 3.75,
    "RepetitionTime": 0.435,
    "FlipAngle": 60,
    "ReceiveCoilActiveElements": "HEA;HEP",
    "CoilString": "Head_32",
    "PercentPhaseFOV": 100,
    "AcquisitionMatrixPE": 70,
    "ReconMatrixPE": 70,
    "PixelBandwidth": 290,
    "PhaseEncodingDirection": "j-",
    "SliceTiming": [
        0.4375,
        0.66,
        0.4475,
        0.67,
        0.46,
        0.6825,
        0.47,
        0.6925,
        0.48,
        0.7025,
        0.49,
        0.7125,
        0.5,
        0.725,
        0.5125,
        0.735,
        0.5225,
        0.745,
        0.5325,
        0.755,
        0.5425,
        0.765,
        0.555,
        0.7775,
        0.565,
        0.7875,
        0.575,
        0.7975,
        0.585,
        0.8075,
        0.5975,
        0.82,
        0.6075,
        0.83,
        0.6175,
        0.84,
        0.6275,
        0.85,
        0.64,
        0.8625,
        0.65
    ],
    "ImageOrientationPatientDICOM": [
        0.999978,
        0.00650712,
        -0.000920526,
        -0.00575957,
        0.935191,
        0.354098
    ],
    "InPlanePhaseEncodingDirectionDICOM": "COL",
    "ConversionSoftware": "dcm2niix",
    "ConversionSoftwareVersion": "v1.0.20190902",
    "EchoTime1": 0.00492,
    "EchoTime2": 0.00738
}