{
    "Modality": "MR",
    "MagneticFieldStrength": 3,
    "ImagingFrequency": 123.21,
    "Manufacturer": "Siemens",
    "ManufacturersModelName": "MAGNETOM_Prisma",
    "InstitutionName": "TTK_AKK",
    "InstitutionAddress": "Magyar_Tudosok_Korutja_2_Budapest_HU_1117",
    "DeviceSerialNumber": "66040",
    "StationName": "AWP66040",
    "BodyPartExamined": "HEAD",
    "PatientPosition": "HFS",
    "ProcedureStepDescription": "head_Highres_Hippocampus",
    "SoftwareVersions": "syngo_MR_XA30",
    "MRAcquisitionType": "2D",
    "SeriesDescription": "OBJ_ENC_1",
    "ProtocolName": "OBJ_ENC_1",
    "SequenceVariant": "SK",
    "ImageType": [
        "ORIGINAL",
        "PRIMARY",
        "FMRI",
        "NONE"
    ],
    "SeriesNumber": 13,
    "AcquisitionTime": "17:12:32.142500",
    "AcquisitionNumber": 1,
    "SliceThickness": 1.5,
    "SpacingBetweenSlices": 1.875,
    "EchoTime": 0.03,
    "RepetitionTime": 1.84,
    "FlipAngle": 72,
    "ReceiveCoilActiveElements": "HEA;HEP",
    "CoilString": "Head_32",
    "PartialFourier": 0.75,
    "MultibandAccelerationFactor": 4,
    "PercentPhaseFOV": 100,
    "EchoTrainLength": 102,
    "AcquisitionMatrixPE": 136,
    "ReconMatrixPE": 136,
    "BandwidthPerPixelPhaseEncode": 11.312,
    "EffectiveEchoSpacing": 0.000650012,
    "DerivedVendorReportedEchoSpacing": 0.000650012,
    "TotalReadoutTime": 0.0877517,
    "PixelBandwidth": 1838,
    "PhaseEncodingDirection": "j-",
    "SliceTiming": [
        0.0,
        0.0225,
        0.045,
        0.068125,
        0.090625,
        0.11375,
        0.13625,
        0.159375,
        0.181875,
        0.205,
        0.2275,
        0.250625,
        0.273125,
        0.295625,
        0.31875,
        0.34125,
        0.364375,
        0.386875,
        0.41,
        0.4325,
        0.455625,
        0.478125,
        0.50125,
        0.52375,
        0.54625,
        0.569375,
        0.591875,
        0.615,
        0.6375,
        0.660625,
        0.683125,
        0.70625,
        0.72875,
        0.751875,
        0.774375,
        0.796875,
        0.82,
        0.8425,
        0.865625,
        0.888125,
        0.91125,
        0.93375,
        0.956875,
        0.979375,
        1.0025,
        1.025,
        1.0475,
        1.070625,
        1.093125,
        1.11625,
        1.13875,
        1.161875,
        1.184375,
        1.2075,
        1.23,
        1.253125,
        1.275625,
        1.298125,
        1.32125,
        1.34375,
        1.366875,
        1.389375,
        1.4125,
        1.435,
        1.458125,
        1.480625,
        1.50375,
        1.52625,
        1.549375,
        1.571875,
        1.594375,
        1.6175,
        1.64,
        1.663125,
        1.685625,
        1.70875,
        1.73125,
        1.754375,
        1.776875,
        1.8
    ],
    "ImageOrientationPatientDICOM": [
        0.999612,
        -0.00272399,
        0.0277325,
        -0.00645532,
        0.945502,
        0.325551
    ],
    "InPlanePhaseEncodingDirectionDICOM": "COL",
    "ConversionSoftware": "dcm2niix",
    "ConversionSoftwareVersion": "v1.0.20190902",
    "Dcm2bidsVersion": "2.1.4",
    "TaskName": "Fractal Mnemonic Discrimination, Object Encoding"
}