{
    "Modality": "MR",
    "MagneticFieldStrength": 3,
    "ImagingFrequency": 123.221,
    "Manufacturer": "Siemens",
    "ManufacturersModelName": "MAGNETOM_Prisma",
    "InstitutionName": "TTK_AKK",
    "InstitutionAddress": "Magyar_Tudosok_Korutja_2_Budapest_HU_1117",
    "DeviceSerialNumber": "66040",
    "StationName": "AWP66040",
    "BodyPartExamined": "HEAD",
    "PatientPosition": "HFS",
    "ProcedureStepDescription": "head_Highres_Hippocampus",
    "SoftwareVersions": "syngo_MR_XA30",
    "MRAcquisitionType": "2D",
    "SeriesDescription": "PD_tse_WB",
    "ProtocolName": "PD_tse_WB",
    "SequenceVariant": "SK_SP_OSP",
    "ImageType": [
        "ORIGINAL",
        "PRIMARY",
        "M",
        "NONE"
    ],
    "SeriesNumber": 6,
    "AcquisitionTime": "17:00:46.425000",
    "AcquisitionNumber": 1,
    "SliceThickness": 3,
    "SpacingBetweenSlices": 3,
    "EchoTime": 0.014,
    "RepetitionTime": 11.88,
    "FlipAngle": 120,
    "ReceiveCoilActiveElements": "HEA;HEP",
    "CoilString": "Head_32",
    "PartialFourier": 0.0779221,
    "PercentPhaseFOV": 81.25,
    "EchoTrainLength": 12,
    "AcquisitionMatrixPE": 154,
    "ReconMatrixPE": 156,
    "PixelBandwidth": 96,
    "PhaseEncodingDirection": "i",
    "SliceTiming": [
        5.9375,
        0,
        6.13,
        0.19,
        6.3225,
        0.3825,
        6.5125,
        0.5725,
        6.705,
        0.765,
        6.8975,
        0.9575,
        7.0875,
        1.1475,
        7.28,
        1.34,
        7.4725,
        1.5325,
        7.6625,
        1.7225,
        7.855,
        1.915,
        8.0475,
        2.1075,
        8.2375,
        2.2975,
        8.43,
        2.49,
        8.6225,
        2.6825,
        8.8125,
        2.8725,
        9.005,
        3.065,
        9.195,
        3.255,
        9.3875,
        3.4475,
        9.58,
        3.64,
        9.77,
        3.83,
        9.9625,
        4.0225,
        10.155,
        4.215,
        10.345,
        4.405,
        10.5375,
        4.5975,
        10.73,
        4.79,
        10.92,
        4.98,
        11.1125,
        5.1725,
        11.305,
        5.365,
        11.495,
        5.555,
        11.6875,
        5.7475
    ],
    "ImageOrientationPatientDICOM": [
        0.999524,
        0.00818422,
        0.0297439,
        0.0212451,
        0.516475,
        -0.856039
    ],
    "InPlanePhaseEncodingDirectionDICOM": "ROW",
    "ConversionSoftware": "dcm2niix",
    "ConversionSoftwareVersion": "v1.0.20190902",
    "Dcm2bidsVersion": "2.1.4"
}