{
    "Modality": "MR",
    "MagneticFieldStrength": 3,
    "ImagingFrequency": 123.227,
    "Manufacturer": "Siemens",
    "ManufacturersModelName": "MAGNETOM_Prisma",
    "InstitutionName": "TTK_AKK",
    "InstitutionAddress": "Magyar_Tudosok_Korutja_2_Budapest_HU_1117",
    "DeviceSerialNumber": "66040",
    "StationName": "AWP66040",
    "BodyPartExamined": "HEAD",
    "PatientPosition": "HFS",
    "ProcedureStepDescription": "head_Highres_Hippocampus",
    "SoftwareVersions": "syngo_MR_XA30",
    "MRAcquisitionType": "2D",
    "SeriesDescription": "LOC_REC_2",
    "ProtocolName": "LOC_REC_2",
    "SequenceVariant": "SK",
    "ImageType": [
        "ORIGINAL",
        "PRIMARY",
        "FMRI",
        "NONE"
    ],
    "SeriesNumber": 17,
    "AcquisitionTime": "18:01:4.350000",
    "AcquisitionNumber": 1,
    "SliceThickness": 1.5,
    "SpacingBetweenSlices": 1.875,
    "EchoTime": 0.03,
    "RepetitionTime": 1.84,
    "FlipAngle": 72,
    "ReceiveCoilActiveElements": "HEA;HEP",
    "CoilString": "Head_32",
    "PartialFourier": 0.75,
    "MultibandAccelerationFactor": 4,
    "PercentPhaseFOV": 100,
    "EchoTrainLength": 102,
    "AcquisitionMatrixPE": 136,
    "ReconMatrixPE": 136,
    "BandwidthPerPixelPhaseEncode": 11.312,
    "EffectiveEchoSpacing": 0.000650012,
    "DerivedVendorReportedEchoSpacing": 0.000650012,
    "TotalReadoutTime": 0.0877517,
    "PixelBandwidth": 1838,
    "PhaseEncodingDirection": "j-",
    "SliceTiming": [
        0.911875,
        0.0,
        0.934375,
        0.023125,
        0.9575,
        0.045625,
        0.98,
        0.06875,
        1.0025,
        0.09125,
        1.025625,
        0.114375,
        1.048125,
        0.136875,
        1.07125,
        0.16,
        1.09375,
        0.1825,
        1.116875,
        0.205,
        1.139375,
        0.228125,
        1.1625,
        0.250625,
        1.185,
        0.27375,
        1.208125,
        0.29625,
        1.230625,
        0.319375,
        1.253125,
        0.341875,
        1.27625,
        0.365,
        1.29875,
        0.3875,
        1.321875,
        0.410625,
        1.344375,
        0.433125,
        1.3675,
        0.455625,
        1.39,
        0.47875,
        1.413125,
        0.50125,
        1.435625,
        0.524375,
        1.45875,
        0.546875,
        1.48125,
        0.57,
        1.50375,
        0.5925,
        1.526875,
        0.615625,
        1.549375,
        0.638125,
        1.5725,
        0.66125,
        1.595,
        0.68375,
        1.618125,
        0.70625,
        1.640625,
        0.729375,
        1.66375,
        0.751875,
        1.68625,
        0.775,
        1.709375,
        0.7975,
        1.731875,
        0.820625,
        1.754375,
        0.843125,
        1.7775,
        0.86625,
        1.8,
        0.88875
    ],
    "ImageOrientationPatientDICOM": [
        0.999417,
        -0.0337764,
        -0.00495974,
        0.0328049,
        0.909972,
        0.41337
    ],
    "InPlanePhaseEncodingDirectionDICOM": "COL",
    "ConversionSoftware": "dcm2niix",
    "ConversionSoftwareVersion": "v1.0.20190902",
    "Dcm2bidsVersion": "2.1.4",
    "TaskName": "Fractal Mnemonic Discrimination, Location Recognition"
}