{
    "Modality": "MR",
    "MagneticFieldStrength": 3,
    "ImagingFrequency": 123.221,
    "Manufacturer": "Siemens",
    "ManufacturersModelName": "MAGNETOM_Prisma",
    "InstitutionName": "TTK_AKK",
    "InstitutionAddress": "Magyar_Tudosok_Korutja_2_Budapest_HU_1117",
    "DeviceSerialNumber": "66040",
    "StationName": "AWP66040",
    "BodyPartExamined": "HEAD",
    "PatientPosition": "HFS",
    "ProcedureStepDescription": "head_Highres_Hippocampus",
    "SoftwareVersions": "syngo_MR_XA30",
    "MRAcquisitionType": "2D",
    "SeriesDescription": "OBJ_ENC_2",
    "ProtocolName": "OBJ_ENC_2",
    "ImageType": [
        "ORIGINAL",
        "PRIMARY",
        "FMRI",
        "NONE"
    ],
    "SeriesNumber": 17,
    "AcquisitionTime": "16:40:44.760000",
    "AcquisitionNumber": 1,
    "SliceThickness": 1.5,
    "SpacingBetweenSlices": 1.875,
    "EchoTime": 0.03,
    "RepetitionTime": 1.84,
    "FlipAngle": 72,
    "CoilString": "Head_32",
    "PartialFourier": 0.75,
    "PercentPhaseFOV": 100,
    "EchoTrainLength": 102,
    "AcquisitionMatrixPE": 136,
    "ReconMatrixPE": 136,
    "PixelBandwidth": 1838,
    "PhaseEncodingAxis": "j",
    "ImageOrientationPatientDICOM": [
        0.997903,
        -0.0450515,
        0.0464665,
        0.0198577,
        0.896452,
        0.442695
    ],
    "InPlanePhaseEncodingDirectionDICOM": "COL",
    "ConversionSoftware": "dcm2niix",
    "ConversionSoftwareVersion": "v1.0.20190902",
    "Dcm2bidsVersion": "2.1.4",
    "TaskName": "Fractal Mnemonic Discrimination, Object Encoding"
}