{
    "Modality": "MR",
    "MagneticFieldStrength": 3,
    "ImagingFrequency": 123.227,
    "Manufacturer": "Siemens",
    "ManufacturersModelName": "MAGNETOM_Prisma",
    "InstitutionName": "TTK_AKK",
    "InstitutionAddress": "Magyar_Tudosok_Korutja_2_Budapest_HU_1117",
    "DeviceSerialNumber": "66040",
    "StationName": "AWP66040",
    "BodyPartExamined": "HEAD",
    "PatientPosition": "HFS",
    "ProcedureStepDescription": "head_Highres_Hippocampus",
    "SoftwareVersions": "syngo_MR_XA30",
    "MRAcquisitionType": "2D",
    "SeriesDescription": "DTI",
    "ProtocolName": "DTI",
    "SequenceVariant": "SK_SP",
    "ImageType": [
        "ORIGINAL",
        "PRIMARY",
        "DIFFUSION",
        "NONE"
    ],
    "SeriesNumber": 38,
    "AcquisitionTime": "17:00:31.660000",
    "AcquisitionNumber": 1,
    "SliceThickness": 2,
    "SpacingBetweenSlices": 2,
    "EchoTime": 0.085,
    "RepetitionTime": 2.3,
    "FlipAngle": 90,
    "ReceiveCoilActiveElements": "HEA;HEP",
    "CoilString": "Head_32",
    "PartialFourier": 0.75,
    "MultibandAccelerationFactor": 4,
    "PercentPhaseFOV": 100,
    "EchoTrainLength": 78,
    "AcquisitionMatrixPE": 104,
    "ReconMatrixPE": 104,
    "BandwidthPerPixelPhaseEncode": 16.026,
    "EffectiveEchoSpacing": 0.000599987,
    "DerivedVendorReportedEchoSpacing": 0.000599987,
    "TotalReadoutTime": 0.0617986,
    "PixelBandwidth": 2090,
    "PhaseEncodingDirection": "j-",
    "SliceTiming": [
        3.94,
        0,
        4.0725,
        0.13,
        4.2025,
        0.2625,
        4.335,
        0.3925,
        4.4675,
        0.525,
        4.5975,
        0.6575,
        4.73,
        0.7875,
        4.86,
        0.92,
        4.9925,
        1.05,
        5.1225,
        1.1825,
        5.255,
        1.3125,
        5.385,
        1.445,
        5.5175,
        1.575,
        5.65,
        1.7075,
        5.78,
        1.84,
        5.9125,
        1.97,
        6.0425,
        2.1025,
        6.175,
        2.2325,
        6.305,
        2.365,
        6.4375,
        2.495,
        6.5675,
        2.6275,
        6.7,
        2.7575,
        6.8325,
        2.89,
        6.9625,
        3.02,
        7.095,
        3.1525,
        7.225,
        3.285,
        7.3575,
        3.415,
        7.4875,
        3.5475,
        7.62,
        3.6775,
        7.75,
        3.81
    ],
    "ImageOrientationPatientDICOM": [
        0.999961,
        0.000286158,
        0.00882498,
        0.000698046,
        0.993784,
        -0.11132
    ],
    "InPlanePhaseEncodingDirectionDICOM": "COL",
    "ConversionSoftware": "dcm2niix",
    "ConversionSoftwareVersion": "v1.0.20190902",
    "Dcm2bidsVersion": "2.1.4"
}