{
	"Modality": "MR",
	"MagneticFieldStrength": 3,
	"ImagingFrequency": 123.21,
	"Manufacturer": "Siemens",
	"ManufacturersModelName": "MAGNETOM_Prisma",
	"InstitutionName": "TTK_AKK",
	"InstitutionAddress": "Magyar_Tudosok_Korutja_2_Budapest_HU_1117",
	"DeviceSerialNumber": "66040",
	"StationName": "AWP66040",
	"BodyPartExamined": "HEAD",
	"PatientPosition": "HFS",
	"ProcedureStepDescription": "head_Highres_Hippocampus",
	"SoftwareVersions": "syngo_MR_XA30",
	"MRAcquisitionType": "2D",
	"SeriesDescription": "gre_field_mapping",
	"ProtocolName": "gre_field_mapping",
	"SequenceVariant": "SP",
	"ImageType": ["ORIGINAL", "PRIMARY", "M", "NONE"],
	"SeriesNumber": 23,
	"AcquisitionTime": "15:56:53.817500",
	"AcquisitionNumber": 1,
	"SliceThickness": 3,
	"SpacingBetweenSlices": 3.75,
	"EchoNumber": 1,
	"EchoTime": 0.00738,
	"RepetitionTime": 0.435,
	"FlipAngle": 60,
	"ReceiveCoilActiveElements": "HEA;HEP",
	"CoilString": "Head_32",
	"PercentPhaseFOV": 100,
	"AcquisitionMatrixPE": 70,
	"ReconMatrixPE": 70,
	"PixelBandwidth": 290,
	"PhaseEncodingDirection": "j-",
	"SliceTiming": [
		0.4375,
		0.66,
		0.4475,
		0.6725,
		0.46,
		0.6825,
		0.47,
		0.6925,
		0.48,
		0.7025,
		0.49,
		0.7125,
		0.5025,
		0.725,
		0.5125,
		0.735,
		0.5225,
		0.745,
		0.5325,
		0.755,
		0.545,
		0.7675,
		0.555,
		0.7775,
		0.565,
		0.7875,
		0.575,
		0.7975,
		0.5875,
		0.81,
		0.5975,
		0.82,
		0.6075,
		0.83,
		0.6175,
		0.84,
		0.63,
		0.8525,
		0.64,
		0.8625,
		0.65	],
	"ImageOrientationPatientDICOM": [
		0.998838,
		-0.0471536,
		0.0100088,
		0.0376732,
		0.893147,
		0.448184	],
	"InPlanePhaseEncodingDirectionDICOM": "COL",
	"ConversionSoftware": "dcm2niix",
	"ConversionSoftwareVersion": "v1.0.20190902"
}
