{
    "Modality": "MR",
    "MagneticFieldStrength": 3,
    "ImagingFrequency": 123.221,
    "Manufacturer": "Siemens",
    "ManufacturersModelName": "MAGNETOM_Prisma",
    "InstitutionName": "TTK_AKK",
    "InstitutionAddress": "Magyar_Tudosok_Korutja_2_Budapest_HU_1117",
    "DeviceSerialNumber": "66040",
    "StationName": "AWP66040",
    "BodyPartExamined": "HEAD",
    "PatientPosition": "HFS",
    "ProcedureStepDescription": "head_Highres_Hippocampus",
    "SoftwareVersions": "syngo_MR_XA30",
    "MRAcquisitionType": "2D",
    "SeriesDescription": "field_map_1",
    "ProtocolName": "field_map_1",
    "ScanningSequence": "GR",
    "SequenceVariant": "SK",
    "ScanOptions": "CG_RG_PER",
    "SequenceName": "_fm2d2r",
    "ImageType": [
        "ORIGINAL",
        "PRIMARY",
        "M",
        "NORM",
        "DIS2D",
        "MFSPLIT"
    ],
    "SeriesNumber": 7,
    "AcquisitionTime": "16:14:0.072500",
    "AcquisitionNumber": 1,
    "SliceThickness": 3,
    "SpacingBetweenSlices": 3.75,
    "SAR": 0.151616,
    "EchoNumber": 1,
    "EchoTime": 0.00738,
    "RepetitionTime": 0.435,
    "FlipAngle": 60,
    "ReceiveCoilActiveElements": "HEA;HEP",
    "CoilString": "Head_32",
    "PercentPhaseFOV": 100,
    "PhaseEncodingSteps": 70,
    "AcquisitionMatrixPE": 70,
    "ReconMatrixPE": 70,
    "PixelBandwidth": 290,
    "PhaseEncodingDirection": "j-",
    "SliceTiming": [
        0.4375,
        -0.001,
        -0.001,
        -0.001,
        -0.001,
        -0.001,
        -0.001,
        -0.001,
        -0.001,
        -0.001,
        -0.001,
        -0.001,
        -0.001,
        -0.001,
        -0.001,
        -0.001,
        -0.001,
        -0.001,
        -0.001,
        -0.001,
        -0.001,
        -0.001,
        -0.001,
        -0.001,
        -0.001,
        -0.001,
        -0.001,
        -0.001,
        -0.001,
        -0.001,
        -0.001,
        -0.001,
        -0.001,
        -0.001,
        -0.001,
        -0.001,
        -0.001,
        -0.001,
        -0.001,
        -0.001,
        -0.001
    ],
    "ImageOrientationPatientDICOM": [
        0.997903,
        -0.0450515,
        0.0464665,
        0.0198577,
        0.896452,
        0.442695
    ],
    "InPlanePhaseEncodingDirectionDICOM": "COL",
    "ConversionSoftware": "dcm2niix",
    "ConversionSoftwareVersion": "v1.0.20190902",
    "Dcm2bidsVersion": "2.1.4",
    "IntendedFor": [
        "func/sub-275592_task-rest_bold.nii.gz",
        "func/sub-275592_task-OBJ_acq-ENC_run-2_bold.nii.gz",
        "func/sub-275592_task-OBJ_acq-REC_run-2_bold.nii.gz",
        "func/sub-275592_task-OBJ_acq-ENC_run-1_bold.nii.gz",
        "func/sub-275592_task-OBJ_acq-REC_run-1_bold.nii.gz"
    ]
}