{
    "Modality": "MR",
    "MagneticFieldStrength": 3,
    "ImagingFrequency": 123.221,
    "Manufacturer": "Siemens",
    "ManufacturersModelName": "MAGNETOM_Prisma",
    "InstitutionName": "TTK_AKK",
    "InstitutionAddress": "Magyar_Tudosok_Korutja_2_Budapest_HU_1117",
    "DeviceSerialNumber": "66040",
    "StationName": "AWP66040",
    "BodyPartExamined": "HEAD",
    "PatientPosition": "HFS",
    "ProcedureStepDescription": "head_Highres_Hippocampus",
    "SoftwareVersions": "syngo_MR_XA30",
    "MRAcquisitionType": "2D",
    "SeriesDescription": "field_map_dti_CC",
    "ProtocolName": "field_map_dti_CC",
    "SequenceVariant": "SP",
    "ImageType": [
        "ORIGINAL",
        "PRIMARY",
        "M",
        "NONE"
    ],
    "SeriesNumber": 36,
    "AcquisitionTime": "19:56:59.215000",
    "AcquisitionNumber": 1,
    "SliceThickness": 3,
    "SpacingBetweenSlices": 3.75,
    "EchoNumber": 1,
    "EchoTime": 0.00492,
    "RepetitionTime": 0.4,
    "FlipAngle": 60,
    "ReceiveCoilActiveElements": "HEA;HEP",
    "CoilString": "Head_32",
    "PercentPhaseFOV": 100,
    "AcquisitionMatrixPE": 70,
    "ReconMatrixPE": 70,
    "PixelBandwidth": 290,
    "PhaseEncodingDirection": "j-",
    "SliceTiming": [
        0.2,
        0,
        0.21,
        0.01,
        0.22,
        0.0225,
        0.2325,
        0.0325,
        0.2425,
        0.0425,
        0.255,
        0.055,
        0.265,
        0.065,
        0.2775,
        0.0775,
        0.2875,
        0.0875,
        0.3,
        0.1,
        0.31,
        0.11,
        0.32,
        0.1225,
        0.3325,
        0.1325,
        0.3425,
        0.1425,
        0.355,
        0.155,
        0.365,
        0.165,
        0.3775,
        0.1775,
        0.3875,
        0.1875
    ],
    "ImageOrientationPatientDICOM": [
        0.999903,
        0.0115245,
        0.00776342,
        -0.0116931,
        0.999689,
        0.0220403
    ],
    "InPlanePhaseEncodingDirectionDICOM": "COL",
    "ConversionSoftware": "dcm2niix",
    "ConversionSoftwareVersion": "v1.0.20190902",
    "Dcm2bidsVersion": "2.1.4",
    "IntendedFor": "dwi/sub-193847_dwi.nii.gz"
}