{
    "Modality": "MR",
    "MagneticFieldStrength": 3,
    "ImagingFrequency": 123.221,
    "Manufacturer": "Siemens",
    "ManufacturersModelName": "MAGNETOM_Prisma",
    "InstitutionName": "TTK_AKK",
    "InstitutionAddress": "Magyar_Tudosok_Korutja_2_Budapest_HU_1117",
    "DeviceSerialNumber": "66040",
    "StationName": "AWP66040",
    "BodyPartExamined": "HEAD",
    "PatientPosition": "HFS",
    "ProcedureStepDescription": "head_Highres_Hippocampus",
    "SoftwareVersions": "syngo_MR_XA30",
    "MRAcquisitionType": "2D",
    "SeriesDescription": "PD_tse_WB",
    "ProtocolName": "PD_tse_WB",
    "SequenceVariant": "SK_SP_OSP",
    "ImageType": [
        "ORIGINAL",
        "PRIMARY",
        "M",
        "NONE"
    ],
    "SeriesNumber": 6,
    "AcquisitionTime": "17:09:56.915000",
    "AcquisitionNumber": 1,
    "SliceThickness": 3,
    "SpacingBetweenSlices": 3,
    "EchoTime": 0.014,
    "RepetitionTime": 11.88,
    "FlipAngle": 120,
    "ReceiveCoilActiveElements": "HEA;HEP",
    "CoilString": "Head_32",
    "PartialFourier": 0.0779221,
    "PercentPhaseFOV": 81.25,
    "EchoTrainLength": 12,
    "AcquisitionMatrixPE": 154,
    "ReconMatrixPE": 156,
    "PixelBandwidth": 96,
    "PhaseEncodingDirection": "i",
    "SliceTiming": [
        5.94,
        0,
        6.1325,
        0.1925,
        6.325,
        0.385,
        6.515,
        0.575,
        6.7075,
        0.7675,
        6.9,
        0.96,
        7.09,
        1.15,
        7.2825,
        1.3425,
        7.475,
        1.535,
        7.665,
        1.725,
        7.8575,
        1.9175,
        8.05,
        2.11,
        8.24,
        2.3,
        8.4325,
        2.4925,
        8.6225,
        2.685,
        8.815,
        2.875,
        9.0075,
        3.0675,
        9.1975,
        3.2575,
        9.39,
        3.45,
        9.5825,
        3.6425,
        9.7725,
        3.8325,
        9.965,
        4.025,
        10.1575,
        4.2175,
        10.3475,
        4.4075,
        10.54,
        4.6,
        10.7325,
        4.7925,
        10.9225,
        4.9825,
        11.115,
        5.175,
        11.305,
        5.3675,
        11.4975,
        5.5575,
        11.69,
        5.75
    ],
    "ImageOrientationPatientDICOM": [
        0.999811,
        -0.0175413,
        -0.00834745,
        -0.00079183,
        0.392546,
        -0.919732
    ],
    "InPlanePhaseEncodingDirectionDICOM": "ROW",
    "ConversionSoftware": "dcm2niix",
    "ConversionSoftwareVersion": "v1.0.20190902",
    "Dcm2bidsVersion": "2.1.4"
}