{
    "Modality": "MR",
    "MagneticFieldStrength": 3,
    "ImagingFrequency": 123.21,
    "Manufacturer": "Siemens",
    "ManufacturersModelName": "MAGNETOM_Prisma",
    "InstitutionName": "TTK_AKK",
    "InstitutionAddress": "Magyar_Tudosok_Korutja_2_Budapest_HU_1117",
    "DeviceSerialNumber": "66040",
    "StationName": "AWP66040",
    "BodyPartExamined": "HEAD",
    "PatientPosition": "HFS",
    "ProcedureStepDescription": "head_Highres_Hippocampus",
    "SoftwareVersions": "syngo_MR_XA30",
    "MRAcquisitionType": "2D",
    "SeriesDescription": "field_map_dti_CC",
    "ProtocolName": "field_map_dti_CC",
    "SequenceVariant": "SP",
    "ImageType": [
        "ORIGINAL",
        "PRIMARY",
        "M",
        "NONE"
    ],
    "SeriesNumber": 36,
    "AcquisitionTime": "18:31:26.462500",
    "AcquisitionNumber": 1,
    "SliceThickness": 3,
    "SpacingBetweenSlices": 3.75,
    "EchoNumber": 1,
    "EchoTime": 0.00492,
    "RepetitionTime": 0.4,
    "FlipAngle": 60,
    "ReceiveCoilActiveElements": "HEA;HEP",
    "CoilString": "Head_32",
    "PercentPhaseFOV": 100,
    "AcquisitionMatrixPE": 70,
    "ReconMatrixPE": 70,
    "PixelBandwidth": 290,
    "PhaseEncodingDirection": "j-",
    "SliceTiming": [
        0.2,
        0,
        0.2125,
        0.0125,
        0.2225,
        0.0225,
        0.235,
        0.035,
        0.245,
        0.045,
        0.255,
        0.055,
        0.2675,
        0.0675,
        0.2775,
        0.0775,
        0.29,
        0.09,
        0.3,
        0.1,
        0.3125,
        0.1125,
        0.3225,
        0.1225,
        0.335,
        0.135,
        0.345,
        0.145,
        0.355,
        0.155,
        0.3675,
        0.1675,
        0.3775,
        0.1775,
        0.39,
        0.19
    ],
    "ImageOrientationPatientDICOM": [
        0.999923,
        0.0101293,
        -0.0071475,
        -0.0106462,
        0.997018,
        -0.0764298
    ],
    "InPlanePhaseEncodingDirectionDICOM": "COL",
    "ConversionSoftware": "dcm2niix",
    "ConversionSoftwareVersion": "v1.0.20190902",
    "Dcm2bidsVersion": "2.1.4",
    "IntendedFor": "dwi/sub-766406_dwi.nii.gz"
}