{
    "Modality": "MR",
    "MagneticFieldStrength": 3,
    "ImagingFrequency": 123.228,
    "Manufacturer": "Siemens",
    "ManufacturersModelName": "MAGNETOM_Prisma",
    "InstitutionName": "TTK_AKK",
    "InstitutionAddress": "Magyar_Tudosok_Korutja_2_Budapest_HU_1117",
    "DeviceSerialNumber": "66040",
    "StationName": "AWP66040",
    "BodyPartExamined": "HEAD",
    "PatientPosition": "HFS",
    "ProcedureStepDescription": "head_Highres_Hippocampus",
    "SoftwareVersions": "syngo_MR_XA30",
    "MRAcquisitionType": "2D",
    "SeriesDescription": "DTI",
    "ProtocolName": "DTI",
    "SequenceVariant": "SK_SP",
    "ImageType": [
        "ORIGINAL",
        "PRIMARY",
        "DIFFUSION",
        "NONE"
    ],
    "SeriesNumber": 36,
    "AcquisitionTime": "19:00:16.640000",
    "AcquisitionNumber": 1,
    "SliceThickness": 2,
    "SpacingBetweenSlices": 2,
    "EchoTime": 0.085,
    "RepetitionTime": 2.3,
    "FlipAngle": 90,
    "ReceiveCoilActiveElements": "HEA;HEP",
    "CoilString": "Head_32",
    "PartialFourier": 0.75,
    "MultibandAccelerationFactor": 4,
    "PercentPhaseFOV": 100,
    "EchoTrainLength": 78,
    "AcquisitionMatrixPE": 104,
    "ReconMatrixPE": 104,
    "BandwidthPerPixelPhaseEncode": 16.026,
    "EffectiveEchoSpacing": 0.000599987,
    "DerivedVendorReportedEchoSpacing": 0.000599987,
    "TotalReadoutTime": 0.0617986,
    "PixelBandwidth": 2090,
    "PhaseEncodingDirection": "j-",
    "SliceTiming": [
        4.375,
        0,
        4.5225,
        0.145,
        4.6675,
        0.2925,
        4.8125,
        0.4375,
        4.96,
        0.5825,
        5.105,
        0.73,
        5.25,
        0.875,
        5.3975,
        1.02,
        5.5425,
        1.1675,
        5.6875,
        1.3125,
        5.835,
        1.4575,
        5.98,
        1.605,
        6.125,
        1.75,
        6.2725,
        1.895,
        6.4175,
        2.0425,
        6.5625,
        2.1875,
        6.71,
        2.3325,
        6.855,
        2.48,
        7.0025,
        2.625,
        7.1475,
        2.77,
        7.2925,
        2.9175,
        7.44,
        3.0625,
        7.585,
        3.2075,
        7.73,
        3.355,
        7.8775,
        3.5,
        8.0225,
        3.6475,
        8.1675,
        3.7925,
        8.315,
        3.9375,
        8.46,
        4.085,
        8.605,
        4.23
    ],
    "ImageOrientationPatientDICOM": [
        0.992293,
        -0.00263622,
        -0.123886,
        -0.0173206,
        0.987008,
        -0.159735
    ],
    "InPlanePhaseEncodingDirectionDICOM": "COL",
    "ConversionSoftware": "dcm2niix",
    "ConversionSoftwareVersion": "v1.0.20190902",
    "Dcm2bidsVersion": "2.1.4"
}