{
    "Modality": "MR",
    "MagneticFieldStrength": 3,
    "ImagingFrequency": 123.221,
    "Manufacturer": "Siemens",
    "ManufacturersModelName": "MAGNETOM_Prisma",
    "InstitutionName": "TTK_AKK",
    "InstitutionAddress": "Magyar_Tudosok_Korutja_2_Budapest_HU_1117",
    "DeviceSerialNumber": "66040",
    "StationName": "AWP66040",
    "BodyPartExamined": "HEAD",
    "PatientPosition": "HFS",
    "ProcedureStepDescription": "head_Highres_Hippocampus",
    "SoftwareVersions": "syngo_MR_XA30",
    "MRAcquisitionType": "2D",
    "SeriesDescription": "PD_tse_hippocampus",
    "ProtocolName": "PD_tse_hippocampus",
    "ScanningSequence": "SE",
    "SequenceVariant": "SP_SK",
    "ScanOptions": "CG_RG_FS_PER",
    "SequenceName": "_tse2d1rr11",
    "ImageType": [
        "ORIGINAL",
        "PRIMARY",
        "M",
        "NORM",
        "DIS2D",
        "MFSPLIT"
    ],
    "SeriesNumber": 5,
    "AcquisitionTime": "16:05:47.360000",
    "AcquisitionNumber": 1,
    "SliceThickness": 2,
    "SpacingBetweenSlices": 2,
    "SAR": 0.397754,
    "EchoTime": 0.016,
    "RepetitionTime": 6.49,
    "FlipAngle": 120,
    "ReceiveCoilActiveElements": "HEA;HEP",
    "CoilString": "Head_32",
    "PartialFourier": 0.0263158,
    "PercentPhaseFOV": 79.6875,
    "EchoTrainLength": 11,
    "PhaseEncodingSteps": 418,
    "AcquisitionMatrixPE": 418,
    "ReconMatrixPE": 408,
    "PixelBandwidth": 96,
    "PhaseEncodingDirection": "i",
    "SliceTiming": [
        0,
        -0.001,
        -0.001,
        -0.001,
        -0.001,
        -0.001,
        -0.001,
        -0.001,
        -0.001,
        -0.001,
        -0.001,
        -0.001,
        -0.001,
        -0.001,
        -0.001,
        -0.001,
        -0.001,
        -0.001,
        -0.001,
        -0.001,
        -0.001,
        -0.001,
        -0.001,
        -0.001,
        -0.001,
        -0.001,
        -0.001,
        -0.001,
        -0.001,
        -0.001,
        -0.001,
        -0.001,
        -0.001
    ],
    "ImageOrientationPatientDICOM": [
        0.998617,
        -0.0388865,
        0.0353829,
        0.04994,
        0.49122,
        -0.869603
    ],
    "InPlanePhaseEncodingDirectionDICOM": "ROW",
    "ConversionSoftware": "dcm2niix",
    "ConversionSoftwareVersion": "v1.0.20190902",
    "Dcm2bidsVersion": "2.1.4"
}