{
    "Modality": "MR",
    "MagneticFieldStrength": 3,
    "ImagingFrequency": 123.221,
    "Manufacturer": "Siemens",
    "ManufacturersModelName": "MAGNETOM_Prisma",
    "InstitutionName": "TTK_AKK",
    "InstitutionAddress": "Magyar_Tudosok_Korutja_2_Budapest_HU_1117",
    "DeviceSerialNumber": "66040",
    "StationName": "AWP66040",
    "BodyPartExamined": "HEAD",
    "PatientPosition": "HFS",
    "ProcedureStepDescription": "head_Highres_Hippocampus",
    "SoftwareVersions": "syngo_MR_XA30",
    "MRAcquisitionType": "2D",
    "SeriesDescription": "DTI",
    "ProtocolName": "DTI",
    "SequenceVariant": "SK_SP",
    "ImageType": [
        "ORIGINAL",
        "PRIMARY",
        "DIFFUSION",
        "NONE"
    ],
    "SeriesNumber": 36,
    "AcquisitionTime": "16:37:38.647500",
    "AcquisitionNumber": 1,
    "SliceThickness": 2,
    "SpacingBetweenSlices": 2,
    "EchoTime": 0.085,
    "RepetitionTime": 2.3,
    "FlipAngle": 90,
    "ReceiveCoilActiveElements": "HEA;HEP",
    "CoilString": "Head_32",
    "PartialFourier": 0.75,
    "MultibandAccelerationFactor": 4,
    "PercentPhaseFOV": 100,
    "EchoTrainLength": 78,
    "AcquisitionMatrixPE": 104,
    "ReconMatrixPE": 104,
    "BandwidthPerPixelPhaseEncode": 16.026,
    "EffectiveEchoSpacing": 0.000599987,
    "DerivedVendorReportedEchoSpacing": 0.000599987,
    "TotalReadoutTime": 0.0617986,
    "PixelBandwidth": 2090,
    "PhaseEncodingDirection": "j-",
    "SliceTiming": [
        3.9425,
        0,
        4.0725,
        0.1325,
        4.205,
        0.2625,
        4.3375,
        0.395,
        4.4675,
        0.5275,
        4.6,
        0.6575,
        4.73,
        0.79,
        4.8625,
        0.92,
        4.9925,
        1.0525,
        5.125,
        1.1825,
        5.255,
        1.315,
        5.3875,
        1.445,
        5.52,
        1.5775,
        5.65,
        1.71,
        5.7825,
        1.84,
        5.9125,
        1.9725,
        6.045,
        2.1025,
        6.175,
        2.235,
        6.3075,
        2.365,
        6.4375,
        2.4975,
        6.57,
        2.6275,
        6.7,
        2.76,
        6.8325,
        2.89,
        6.965,
        3.0225,
        7.095,
        3.155,
        7.2275,
        3.285,
        7.3575,
        3.4175,
        7.49,
        3.5475,
        7.62,
        3.68,
        7.7525,
        3.81
    ],
    "ImageOrientationPatientDICOM": [
        0.999481,
        0.0251961,
        0.020079,
        -0.0239032,
        0.997776,
        -0.0622172
    ],
    "InPlanePhaseEncodingDirectionDICOM": "COL",
    "ConversionSoftware": "dcm2niix",
    "ConversionSoftwareVersion": "v1.0.20190902",
    "Dcm2bidsVersion": "2.1.4"
}