{
    "Modality": "MR",
    "MagneticFieldStrength": 3,
    "ImagingFrequency": 123.221,
    "Manufacturer": "Siemens",
    "ManufacturersModelName": "MAGNETOM_Prisma",
    "InstitutionName": "TTK_AKK",
    "InstitutionAddress": "Magyar_Tudosok_Korutja_2_Budapest_HU_1117",
    "DeviceSerialNumber": "66040",
    "StationName": "AWP66040",
    "BodyPartExamined": "HEAD",
    "PatientPosition": "HFS",
    "ProcedureStepDescription": "head_Highres_Hippocampus",
    "SoftwareVersions": "syngo_MR_XA30",
    "MRAcquisitionType": "2D",
    "SeriesDescription": "PD_tse_WB",
    "ProtocolName": "PD_tse_WB",
    "SequenceVariant": "SK_SP_OSP",
    "ImageType": [
        "ORIGINAL",
        "PRIMARY",
        "M",
        "NONE"
    ],
    "SeriesNumber": 6,
    "AcquisitionTime": "18:05:14.150000",
    "AcquisitionNumber": 1,
    "SliceThickness": 3,
    "SpacingBetweenSlices": 3,
    "EchoTime": 0.014,
    "RepetitionTime": 11.88,
    "FlipAngle": 120,
    "ReceiveCoilActiveElements": "HEA;HEP",
    "CoilString": "Head_32",
    "PartialFourier": 0.0779221,
    "PercentPhaseFOV": 81.25,
    "EchoTrainLength": 12,
    "AcquisitionMatrixPE": 154,
    "ReconMatrixPE": 156,
    "PixelBandwidth": 96,
    "PhaseEncodingDirection": "i",
    "SliceTiming": [
        5.94,
        0,
        6.1325,
        0.1925,
        6.3225,
        0.385,
        6.515,
        0.575,
        6.7075,
        0.7675,
        6.8975,
        0.9575,
        7.09,
        1.15,
        7.2825,
        1.3425,
        7.4725,
        1.5325,
        7.665,
        1.725,
        7.8575,
        1.9175,
        8.0475,
        2.1075,
        8.24,
        2.3,
        8.4325,
        2.4925,
        8.6225,
        2.6825,
        8.815,
        2.875,
        9.005,
        3.0675,
        9.1975,
        3.2575,
        9.39,
        3.45,
        9.58,
        3.64,
        9.7725,
        3.8325,
        9.965,
        4.025,
        10.155,
        4.215,
        10.3475,
        4.4075,
        10.54,
        4.6,
        10.73,
        4.79,
        10.9225,
        4.9825,
        11.115,
        5.175,
        11.305,
        5.365,
        11.4975,
        5.5575,
        11.69,
        5.75
    ],
    "ImageOrientationPatientDICOM": [
        0.998716,
        -0.0265423,
        0.0431472,
        0.0506521,
        0.535521,
        -0.843002
    ],
    "InPlanePhaseEncodingDirectionDICOM": "ROW",
    "ConversionSoftware": "dcm2niix",
    "ConversionSoftwareVersion": "v1.0.20190902",
    "Dcm2bidsVersion": "2.1.4"
}