{
    "Modality": "MR",
    "MagneticFieldStrength": 3,
    "ImagingFrequency": 123.221,
    "Manufacturer": "Siemens",
    "ManufacturersModelName": "MAGNETOM_Prisma",
    "InstitutionName": "TTK_AKK",
    "InstitutionAddress": "Magyar_Tudosok_Korutja_2_Budapest_HU_1117",
    "DeviceSerialNumber": "66040",
    "StationName": "AWP66040",
    "BodyPartExamined": "HEAD",
    "PatientPosition": "HFS",
    "ProcedureStepDescription": "head_Highres_Hippocampus",
    "SoftwareVersions": "syngo_MR_XA30",
    "MRAcquisitionType": "2D",
    "SeriesDescription": "field_map_dti_CC",
    "ProtocolName": "field_map_dti_CC",
    "SequenceVariant": "SP",
    "ImageType": [
        "ORIGINAL",
        "PRIMARY",
        "M",
        "NONE"
    ],
    "SeriesNumber": 34,
    "AcquisitionTime": "16:56:7.387500",
    "AcquisitionNumber": 1,
    "SliceThickness": 3,
    "SpacingBetweenSlices": 3.75,
    "EchoNumber": 1,
    "EchoTime": 0.00738,
    "RepetitionTime": 0.4,
    "FlipAngle": 60,
    "ReceiveCoilActiveElements": "HEA;HEP",
    "CoilString": "Head_32",
    "PercentPhaseFOV": 100,
    "AcquisitionMatrixPE": 70,
    "ReconMatrixPE": 70,
    "PixelBandwidth": 290,
    "PhaseEncodingDirection": "j-",
    "SliceTiming": [
        0.6025,
        0.4025,
        0.615,
        0.415,
        0.625,
        0.425,
        0.6375,
        0.4375,
        0.6475,
        0.4475,
        0.66,
        0.46,
        0.67,
        0.47,
        0.6825,
        0.4825,
        0.6925,
        0.4925,
        0.7025,
        0.5025,
        0.715,
        0.515,
        0.725,
        0.525,
        0.7375,
        0.5375,
        0.7475,
        0.5475,
        0.76,
        0.56,
        0.77,
        0.57,
        0.78,
        0.5825,
        0.7925,
        0.5925
    ],
    "ImageOrientationPatientDICOM": [
        0.995843,
        -0.0114021,
        0.0903676,
        0.0201644,
        0.995114,
        -0.0966525
    ],
    "InPlanePhaseEncodingDirectionDICOM": "COL",
    "ConversionSoftware": "dcm2niix",
    "ConversionSoftwareVersion": "v1.0.20190902",
    "Dcm2bidsVersion": "2.1.4",
    "IntendedFor": "dwi/sub-652844_dwi.nii.gz"
}