{
    "Modality": "MR",
    "MagneticFieldStrength": 3,
    "ImagingFrequency": 123.21,
    "Manufacturer": "Siemens",
    "ManufacturersModelName": "MAGNETOM_Prisma",
    "InstitutionName": "TTK_AKK",
    "InstitutionAddress": "Magyar_Tudosok_Korutja_2_Budapest_HU_1117",
    "DeviceSerialNumber": "66040",
    "StationName": "AWP66040",
    "BodyPartExamined": "HEAD",
    "PatientPosition": "HFS",
    "ProcedureStepDescription": "head_Highres_Hippocampus",
    "SoftwareVersions": "syngo_MR_XA30",
    "MRAcquisitionType": "2D",
    "SeriesDescription": "DTI",
    "ProtocolName": "DTI",
    "SequenceVariant": "SK_SP",
    "ImageType": [
        "ORIGINAL",
        "PRIMARY",
        "DIFFUSION",
        "NONE"
    ],
    "SeriesNumber": 36,
    "AcquisitionTime": "16:49:17.642500",
    "AcquisitionNumber": 1,
    "SliceThickness": 2,
    "SpacingBetweenSlices": 2,
    "EchoTime": 0.085,
    "RepetitionTime": 2.3,
    "FlipAngle": 90,
    "ReceiveCoilActiveElements": "HEA;HEP",
    "CoilString": "Head_32",
    "PartialFourier": 0.75,
    "MultibandAccelerationFactor": 4,
    "PercentPhaseFOV": 100,
    "EchoTrainLength": 78,
    "AcquisitionMatrixPE": 104,
    "ReconMatrixPE": 104,
    "BandwidthPerPixelPhaseEncode": 16.026,
    "EffectiveEchoSpacing": 0.000599987,
    "DerivedVendorReportedEchoSpacing": 0.000599987,
    "TotalReadoutTime": 0.0617986,
    "PixelBandwidth": 2090,
    "PhaseEncodingDirection": "j-",
    "SliceTiming": [
        4.375,
        0,
        4.52,
        0.1475,
        4.665,
        0.2925,
        4.8125,
        0.4375,
        4.9575,
        0.585,
        5.1025,
        0.73,
        5.2475,
        0.875,
        5.395,
        1.0225,
        5.54,
        1.1675,
        5.685,
        1.3125,
        5.8325,
        1.4575,
        5.9775,
        1.605,
        6.1225,
        1.75,
        6.27,
        1.895,
        6.415,
        2.0425,
        6.56,
        2.1875,
        6.7075,
        2.3325,
        6.8525,
        2.48,
        6.9975,
        2.625,
        7.1425,
        2.77,
        7.29,
        2.9175,
        7.435,
        3.0625,
        7.58,
        3.2075,
        7.7275,
        3.3525,
        7.8725,
        3.5,
        8.0175,
        3.645,
        8.165,
        3.79,
        8.31,
        3.9375,
        8.455,
        4.0825,
        8.6025,
        4.2275
    ],
    "ImageOrientationPatientDICOM": [
        0.999722,
        0.0169937,
        0.0163429,
        -0.0157049,
        0.996985,
        -0.0759947
    ],
    "InPlanePhaseEncodingDirectionDICOM": "COL",
    "ConversionSoftware": "dcm2niix",
    "ConversionSoftwareVersion": "v1.0.20190902",
    "Dcm2bidsVersion": "2.1.4"
}