{
	"Modality": "MR",
	"MagneticFieldStrength": 3,
	"ImagingFrequency": 123.221,
	"Manufacturer": "Siemens",
	"ManufacturersModelName": "MAGNETOM_Prisma",
	"InstitutionName": "TTK_AKK",
	"InstitutionAddress": "Magyar_Tudosok_Korutja_2_Budapest_HU_1117",
	"DeviceSerialNumber": "66040",
	"StationName": "AWP66040",
	"BodyPartExamined": "HEAD",
	"PatientPosition": "HFS",
	"ProcedureStepDescription": "head_Highres_Hippocampus",
	"SoftwareVersions": "syngo_MR_XA30",
	"MRAcquisitionType": "3D",
	"SeriesDescription": "MPRAGE_gaser",
	"ProtocolName": "MPRAGE_gaser",
	"ScanningSequence": "GR",
	"SequenceVariant": "SK",
	"ScanOptions": "CG_RG_PER",
	"SequenceName": "_tfl3d1_16ns",
	"ImageType": ["ORIGINAL", "PRIMARY", "M", "NORM", "DIS2D", "MFSPLIT"],
	"SeriesNumber": 33,
	"AcquisitionTime": "17:42:1.090000",
	"AcquisitionNumber": 1,
	"SliceThickness": 1,
	"SAR": 0.0710561,
	"EchoTime": 0.00303,
	"RepetitionTime": 2.3,
	"InversionTime": 0.9,
	"FlipAngle": 9,
	"ReceiveCoilActiveElements": "HEA;HEP",
	"CoilString": "Head_32",
	"PercentPhaseFOV": 100,
	"PhaseEncodingSteps": 256,
	"AcquisitionMatrixPE": 256,
	"ReconMatrixPE": 256,
	"ParallelReductionFactorInPlane": 2,
	"PixelBandwidth": 130,
	"ImageOrientationPatientDICOM": [
		0.00753179,
		0.999739,
		0.0215889,
		0.0691035,
		0.0210176,
		-0.997388	],
	"InPlanePhaseEncodingDirectionDICOM": "ROW",
	"ConversionSoftware": "dcm2niix",
	"ConversionSoftwareVersion": "v1.0.20190902"
}
